PATH
  remote: .
  specs:
    autotest-growl (0.2.9)

GEM
  remote: http://rubygems.org/
  specs:
    ZenTest (4.4.1)
    diff-lcs (1.1.2)
    rake (0.8.7)
    rspec (2.2.0)
      rspec-core (~> 2.2)
      rspec-expectations (~> 2.2)
      rspec-mocks (~> 2.2)
    rspec-core (2.2.1)
    rspec-expectations (2.2.0)
      diff-lcs (~> 1.1.2)
    rspec-mocks (2.2.0)

PLATFORMS
  ruby

DEPENDENCIES
  ZenTest
  autotest-growl!
  rake
  rspec
