GEM
  remote: http://rubygems.org/
  specs:
    actionmailer (3.1.0)
      actionpack (= 3.1.0)
      mail (~> 2.3.0)
    actionpack (3.1.0)
      activemodel (= 3.1.0)
      activesupport (= 3.1.0)
      builder (~> 3.0.0)
      erubis (~> 2.7.0)
      i18n (~> 0.6)
      rack (~> 1.3.2)
      rack-cache (~> 1.0.3)
      rack-mount (~> 0.8.2)
      rack-test (~> 0.6.1)
      sprockets (~> 2.0.0)
    activeadmin (0.3.2)
      devise (>= 1.1.2)
      fastercsv
      formtastic (< 2.0.0)
      inherited_resources (< 1.3.0)
      kaminari (>= 0.12.4)
      meta_search (>= 0.9.2)
      rails (>= 3.0.0)
      sass (>= 3.1.0)
    activemodel (3.1.0)
      activesupport (= 3.1.0)
      bcrypt-ruby (~> 3.0.0)
      builder (~> 3.0.0)
      i18n (~> 0.6)
    activerecord (3.1.0)
      activemodel (= 3.1.0)
      activesupport (= 3.1.0)
      arel (~> 2.2.1)
      tzinfo (~> 0.3.29)
    activeresource (3.1.0)
      activemodel (= 3.1.0)
      activesupport (= 3.1.0)
    activesupport (3.1.0)
      multi_json (~> 1.0)
    annotate-models (1.0.4)
    archive-tar-minitar (0.5.2)
    arel (2.2.1)
    autotest (4.3.2)
    autotest-fsevent (0.2.4)
      sys-uname
    autotest-growl (0.2.9)
    autotest-rails-pure (4.1.0)
    bcrypt-ruby (3.0.1)
    builder (3.0.0)
    chronic (0.6.4)
    columnize (0.3.4)
    devise (1.4.8)
      bcrypt-ruby (~> 3.0)
      orm_adapter (~> 0.0.3)
      warden (~> 1.0.3)
    diff-lcs (1.1.3)
    erubis (2.7.0)
    factory_girl (1.3.3)
    factory_girl_rails (1.0)
      factory_girl (~> 1.3)
      rails (>= 3.0.0.beta4)
    fastercsv (1.5.4)
    formtastic (1.2.4)
      actionpack (>= 2.3.7)
      activesupport (>= 2.3.7)
      i18n (~> 0.4)
    gravatar_image_tag (0.1.0)
    has_scope (0.5.1)
    hike (1.2.1)
    i18n (0.6.0)
    inherited_resources (1.2.2)
      has_scope (~> 0.5.0)
      responders (~> 0.6.0)
    json (1.6.1)
    kaminari (0.12.4)
      rails (>= 3.0.0)
    linecache19 (0.5.12)
      ruby_core_source (>= 0.1.4)
    mail (2.3.0)
      i18n (>= 0.4.0)
      mime-types (~> 1.16)
      treetop (~> 1.4.8)
    meta_search (1.1.1)
      actionpack (~> 3.1.0)
      activerecord (~> 3.1.0)
      activesupport (~> 3.1.0)
      polyamorous (~> 0.5.0)
    mime-types (1.16)
    multi_json (1.0.3)
    nokogiri (1.5.0)
    orm_adapter (0.0.5)
    polyamorous (0.5.0)
      activerecord (~> 3.0)
    polyglot (0.3.2)
    rack (1.3.4)
    rack-cache (1.0.3)
      rack (>= 0.4)
    rack-mount (0.8.3)
      rack (>= 1.0.0)
    rack-ssl (1.3.2)
      rack
    rack-test (0.6.1)
      rack (>= 1.0)
    rails (3.1.0)
      actionmailer (= 3.1.0)
      actionpack (= 3.1.0)
      activerecord (= 3.1.0)
      activeresource (= 3.1.0)
      activesupport (= 3.1.0)
      bundler (~> 1.0)
      railties (= 3.1.0)
    railties (3.1.0)
      actionpack (= 3.1.0)
      activesupport (= 3.1.0)
      rack-ssl (~> 1.3.2)
      rake (>= 0.8.7)
      rdoc (~> 3.4)
      thor (~> 0.14.6)
    rake (0.8.7)
    rdoc (3.10)
      json (~> 1.4)
    responders (0.6.4)
    rspec (2.0.1)
      rspec-core (~> 2.0.1)
      rspec-expectations (~> 2.0.1)
      rspec-mocks (~> 2.0.1)
    rspec-core (2.0.1)
    rspec-expectations (2.0.1)
      diff-lcs (>= 1.1.2)
    rspec-mocks (2.0.1)
      rspec-core (~> 2.0.1)
      rspec-expectations (~> 2.0.1)
    rspec-rails (2.0.1)
      rspec (~> 2.0.0)
    ruby-debug-base19 (0.11.25)
      columnize (>= 0.3.1)
      linecache19 (>= 0.5.11)
      ruby_core_source (>= 0.1.4)
    ruby-debug19 (0.11.6)
      columnize (>= 0.3.1)
      linecache19 (>= 0.5.11)
      ruby-debug-base19 (>= 0.11.19)
    ruby_core_source (0.1.5)
      archive-tar-minitar (>= 0.5.2)
    sass (3.1.10)
    spork (0.8.4)
    sprockets (2.0.2)
      hike (~> 1.2)
      rack (~> 1.0)
      tilt (~> 1.1, != 1.3.0)
    sqlite3-ruby (1.2.5)
    sys-uname (0.8.6)
    thor (0.14.6)
    tilt (1.3.3)
    treetop (1.4.10)
      polyglot
      polyglot (>= 0.3.1)
    tzinfo (0.3.30)
    warden (1.0.6)
      rack (>= 1.0)
    webrat (0.7.1)
      nokogiri (>= 1.2.0)
      rack (>= 1.0)
      rack-test (>= 0.5.3)
    will_paginate (3.0.pre2)

PLATFORMS
  ruby

DEPENDENCIES
  activeadmin
  annotate-models (= 1.0.4)
  autotest (= 4.3.2)
  autotest-fsevent (= 0.2.4)
  autotest-growl (= 0.2.9)
  autotest-rails-pure (= 4.1.0)
  chronic
  factory_girl_rails (= 1.0)
  gravatar_image_tag (= 0.1.0)
  rails (= 3.1.0)
  rake (= 0.8.7)
  rspec (= 2.0.1)
  rspec-rails (= 2.0.1)
  ruby-debug19
  spork (= 0.8.4)
  sqlite3-ruby (= 1.2.5)
  webrat (= 0.7.1)
  will_paginate (= 3.0.pre2)
